GEM
  remote: https://rubygems.org/
  specs:
    bcrypt (3.1.11)
    haml (4.0.7)
      tilt
    json (2.0.3)
    mail (2.6.4)
      mime-types (>= 1.16, < 4)
    mime-types (3.1)
      mime-types-data (~> 3.2015)
    mime-types-data (3.2016.0521)
    pg (0.20.0)
    pony (1.11)
      mail (>= 2.0)
    puma (3.8.2)
    rack (1.6.5)
    rack-protection (1.5.3)
      rack
    sequel (4.44.0)
    sinatra (1.4.8)
      rack (~> 1.5)
      rack-protection (~> 1.4)
      tilt (>= 1.3, < 3)
    sinatra-session (1.0.0)
      sinatra (>= 1.0)
    tilt (2.0.6)

PLATFORMS
  ruby

DEPENDENCIES
  bcrypt!
  haml!
  json!
  pg!
  pony!
  puma!
  sequel!
  sinatra!
  sinatra-session!

BUNDLED WITH
   1.14.6
