GEM
  remote: https://rubygems.org/
  specs:
    bcrypt (3.1.11)
    daemons (1.2.4)
    eventmachine (1.2.3)
    haml (4.0.7)
      tilt
    json (2.0.3)
    rack (1.6.5)
    rack-protection (1.5.3)
      rack
    sequel (4.44.0)
    sinatra (1.4.8)
      rack (~> 1.5)
      rack-protection (~> 1.4)
      tilt (>= 1.3, < 3)
    sinatra-session (1.0.0)
      sinatra (>= 1.0)
    sqlite3 (1.3.13)
    thin (1.7.0)
      daemons (~> 1.0, >= 1.0.9)
      eventmachine (~> 1.0, >= 1.0.4)
      rack (>= 1, < 3)
    tilt (2.0.6)

PLATFORMS
  ruby

DEPENDENCIES
  bcrypt!
  haml!
  json!
  sequel!
  sinatra!
  sinatra-session!
  sqlite3!
  thin!

BUNDLED WITH
   1.14.6
